PATH
  remote: .
  specs:
    tarottogo (0.1.0)

GEM
  remote: https://rubygems.org/
  specs:
    coderay (1.1.3)
    method_source (1.0.0)
    mini_portile2 (2.4.0)
    nokogiri (1.10.9)
      mini_portile2 (~> 2.4.0)
    pry (0.13.1)
      coderay (~> 1.1)
      method_source (~> 1.0)
    rake (13.0.1)

PLATFORMS
  ruby

DEPENDENCIES
  bundler (~> 2.0)
  method_source (~> 1.0)
  nokogiri (~> 1.10, >= 1.10.9)
  pry (~> 0.13.1)
  rake (~> 13.0, >= 13.0.1)
  tarottogo!

BUNDLED WITH
   2.0.1
